PATH
  remote: .
  specs:
    stats_handler (0.1.0)

GEM
  remote: https://rubygems.org/
  specs:
    rake (10.5.0)

PLATFORMS
  ruby

DEPENDENCIES
  bundler (~> 1.17)
  rake (~> 10.0)
  stats_handler!

BUNDLED WITH
   1.17.3
